GEM
  remote: http://rubygems.org/
  specs:
    daemons (1.1.9)
    eventmachine (1.0.0)
    eventmachine-tail (0.6.4)
      eventmachine
    mcwrapper (1.6.3)

PLATFORMS
  ruby

DEPENDENCIES
  daemons
  eventmachine-tail
  mcwrapper (~> 1.6.3)
