GEM
  remote: http://rubygems.org/
  specs:
    daemons (1.1.9)
    eventmachine (1.0.0)
    eventmachine-tail (0.6.4)
      eventmachine

PLATFORMS
  ruby

DEPENDENCIES
  daemons
  eventmachine-tail
